GEM
  remote: https://rubygems.org/
  specs:
    minitest (5.11.3)
    rake (12.3.3)
    wongi-engine (0.3.4)

PLATFORMS
  ruby

DEPENDENCIES
  bundler (~> 1.17)
  minitest (~> 5.0)
  rake (~> 12.3)
  wongi-engine (~> 0.3.0)

BUNDLED WITH
   1.17.3
